GEM
  remote: https://rubygems.org/
  specs:
    ansi (1.4.3)
    dotfiles-installer (1.0.0)
      ansi (~> 1.3)
    rake (10.0.4)

PLATFORMS
  ruby

DEPENDENCIES
  dotfiles-installer
  rake
